GEM
  remote: https://rubygems.org/
  remote: https://code.stripe.com/
  specs:
    aggregate (0.2.2)
    amq-protocol (1.9.2)
    bcrypt-ruby (3.1.2)
    bson (1.9.2)
    bson_ext (1.9.2)
      bson (~> 1.9.2)
    bunny (1.0.6)
      amq-protocol (>= 1.9.0)
    celluloid (0.15.2)
      timers (~> 1.1.0)
    codeclimate-test-reporter (0.2.0)
      simplecov (>= 0.7.1, < 1.0.0)
    coderay (1.1.0)
    commonjs (0.2.7)
    diff-lcs (1.2.5)
    docile (1.1.1)
    faraday (0.9.0)
      multipart-post (>= 1.2, < 3)
    ffi (1.9.3)
    formatador (0.2.4)
    geocoder (1.1.9)
    georuby (2.2.1)
    guard (2.2.5)
      formatador (>= 0.2.4)
      listen (~> 2.1)
      lumberjack (~> 1.0)
      pry (>= 0.9.12)
      thor (>= 0.18.1)
    guard-bundler (2.0.0)
      bundler (~> 1.0)
      guard (~> 2.2)
    guard-rake (0.0.9)
      guard
      rake
    guard-rspec (4.2.3)
      guard (~> 2.1)
      rspec (>= 2.14, < 4.0)
    guard-shell (0.6.0)
      guard (>= 1.1.0)
    kgio (2.8.1)
    kramdown (1.3.0)
    less (2.4.0)
      commonjs (~> 0.2.7)
    librato-metrics (1.3.0)
      aggregate (~> 0.2.2)
      faraday (~> 0.7)
      multi_json
    librato-rack (0.4.4)
      librato-metrics (~> 1.1)
    libv8 (3.16.14.3)
    libxml-ruby (2.7.0)
    listen (2.4.0)
      celluloid (>= 0.15.2)
      rb-fsevent (>= 0.9.3)
      rb-inotify (>= 0.9)
    log4r (1.1.10)
    lumberjack (1.0.4)
    method_source (0.8.2)
    mime-types (1.25.1)
    mongo (1.9.2)
      bson (~> 1.9.2)
    multi_json (1.8.2)
    multipart-post (2.0.0)
    pry (0.9.12.4)
      coderay (~> 1.0)
      method_source (~> 0.8)
      slop (~> 3.4)
    rack (1.5.2)
    rack-ssl (1.3.3)
      rack
    raindrops (0.12.0)
    rake (10.1.1)
    rb-fchange (0.0.6)
      ffi
    rb-fsevent (0.9.4)
    rb-inotify (0.9.3)
      ffi (>= 0.5.0)
    ref (1.0.5)
    rest-client (1.6.7)
      mime-types (>= 1.16)
    rspec (2.14.1)
      rspec-core (~> 2.14.0)
      rspec-expectations (~> 2.14.0)
      rspec-mocks (~> 2.14.0)
    rspec-core (2.14.7)
    rspec-expectations (2.14.4)
      diff-lcs (>= 1.1.3, < 2.0)
    rspec-mocks (2.14.4)
    shotgun (0.9)
      rack (>= 1.0)
    simplecov (0.8.2)
      docile (~> 1.1.0)
      multi_json
      simplecov-html (~> 0.8.0)
    simplecov-html (0.8.0)
    slop (3.4.7)
    stripe (1.9.9)
      mime-types (~> 1.25)
      multi_json (>= 1.0.4, < 2)
      rest-client (~> 1.4)
    therubyracer (0.12.0)
      libv8 (~> 3.16.14.0)
      ref
    thor (0.18.1)
    timers (1.1.0)
    unicorn (4.7.0)
      kgio (~> 2.6)
      rack
      raindrops (~> 0.7)
    yajl-ruby (1.1.0)

PLATFORMS
  ruby

DEPENDENCIES
  bcrypt-ruby (= 3.1.2)
  bson (= 1.9.2)
  bson_ext (= 1.9.2)
  bunny (= 1.0.6)
  codeclimate-test-reporter
  geocoder (= 1.1.9)
  georuby (= 2.2.1)
  guard
  guard-bundler
  guard-rake
  guard-rspec
  guard-shell
  kramdown (= 1.3.0)
  less (= 2.4.0)
  librato-rack (= 0.4.4)
  libxml-ruby (= 2.7.0)
  log4r (= 1.1.10)
  mongo (= 1.9.2)
  pry
  rack-ssl (= 1.3.3)
  rb-fchange
  rb-fsevent
  rb-inotify
  rspec
  shotgun (= 0.9)
  stripe (= 1.9.9)
  therubyracer
  unicorn (= 4.7.0)
  yajl-ruby (= 1.1.0)
