GEM
  remote: https://rubygems.org/
  specs:
    bcrypt-ruby (3.0.1)
    bson (1.8.2)
    bson_ext (1.8.2)
      bson (~> 1.8.2)
    coderay (1.0.8)
    diff-lcs (1.1.3)
    ffi (1.4.0)
    guard (1.6.2)
      listen (>= 0.6.0)
      lumberjack (>= 1.0.2)
      pry (>= 0.9.10)
      terminal-table (>= 1.4.3)
      thor (>= 0.14.6)
    guard-bundler (1.0.0)
      bundler (~> 1.0)
      guard (~> 1.1)
    guard-rspec (2.4.0)
      guard (>= 1.1)
      rspec (~> 2.11)
    guard-shell (0.5.1)
      guard (>= 1.1.0)
    innate (2013.02.21)
      rack (~> 1.5.2)
    kgio (2.8.0)
    listen (0.7.2)
    log4r (1.1.10)
    lumberjack (1.0.2)
    method_source (0.8.1)
    mongo (1.8.2)
      bson (~> 1.8.2)
    pry (0.9.12)
      coderay (~> 1.0.5)
      method_source (~> 0.8)
      slop (~> 3.4)
    rack (1.5.2)
    raindrops (0.10.0)
    rake (10.0.3)
    ramaze (2012.12.08)
      innate (>= 2012.12)
      rake
    rb-fchange (0.0.6)
      ffi
    rb-fsevent (0.9.3)
    rb-inotify (0.9.0)
      ffi (>= 0.5.0)
    rspec (2.12.0)
      rspec-core (~> 2.12.0)
      rspec-expectations (~> 2.12.0)
      rspec-mocks (~> 2.12.0)
    rspec-core (2.12.2)
    rspec-expectations (2.12.1)
      diff-lcs (~> 1.1.3)
    rspec-mocks (2.12.2)
    shotgun (0.9)
      rack (>= 1.0)
    slop (3.4.3)
    terminal-table (1.4.5)
    thor (0.17.0)
    unicorn (4.5.0)
      kgio (~> 2.6)
      rack
      raindrops (~> 0.7)

PLATFORMS
  ruby

DEPENDENCIES
  bcrypt-ruby (= 3.0.1)
  bson_ext (= 1.8.2)
  guard
  guard-bundler
  guard-rspec
  guard-shell
  log4r (= 1.1.10)
  mongo (= 1.8.2)
  pry
  ramaze (= 2012.12.08)
  rb-fchange
  rb-fsevent
  rb-inotify
  rspec (= 2.12)
  shotgun (= 0.9)
  unicorn (= 4.5.0)
